PATH
  remote: .
  specs:
    preval (0.6.1)

GEM
  remote: https://rubygems.org/
  specs:
    ast (2.4.2)
    bootsnap (1.13.0)
      msgpack (~> 1.2)
    json (2.6.2)
    minitest (5.16.3)
    msgpack (1.5.4)
    mustermann (3.0.0)
      ruby2_keywords (~> 0.0.1)
    parallel (1.22.1)
    parser (3.1.2.1)
      ast (~> 2.4.1)
    rack (2.2.4)
    rack-protection (3.0.2)
      rack
    rainbow (3.1.1)
    rake (13.0.6)
    regexp_parser (2.6.0)
    rexml (3.2.5)
    rubocop (1.39.0)
      json (~> 2.3)
      parallel (~> 1.10)
      parser (>= 3.1.2.1)
      rainbow (>= 2.2.2, < 4.0)
      regexp_parser (>= 1.8, < 3.0)
      rexml (>= 3.2.5, < 4.0)
      rubocop-ast (>= 1.23.0, < 2.0)
      ruby-progressbar (~> 1.7)
      unicode-display_width (>= 1.4.0, < 3.0)
    rubocop-ast (1.23.0)
      parser (>= 3.1.1.0)
    ruby-progressbar (1.11.0)
    ruby2_keywords (0.0.5)
    sinatra (3.0.2)
      mustermann (~> 3.0)
      rack (~> 2.2, >= 2.2.4)
      rack-protection (= 3.0.2)
      tilt (~> 2.0)
    tilt (2.0.11)
    unicode-display_width (2.3.0)

PLATFORMS
  ruby

DEPENDENCIES
  bootsnap
  bundler (~> 2.0)
  minitest (~> 5.11)
  preval!
  rake (~> 13.0)
  rubocop (~> 1.0)
  sinatra

BUNDLED WITH
   2.2.3
