PATH
  remote: .
  specs:
    preval (0.6.1)

GEM
  remote: https://rubygems.org/
  specs:
    ast (2.4.2)
    bootsnap (1.11.1)
      msgpack (~> 1.2)
    minitest (5.15.0)
    msgpack (1.4.5)
    mustermann (1.1.1)
      ruby2_keywords (~> 0.0.1)
    parallel (1.22.0)
    parser (3.1.1.0)
      ast (~> 2.4.1)
    rack (2.2.3)
    rack-protection (2.2.0)
      rack
    rainbow (3.1.1)
    rake (13.0.6)
    regexp_parser (2.2.1)
    rexml (3.2.5)
    rubocop (1.26.1)
      parallel (~> 1.10)
      parser (>= 3.1.0.0)
      rainbow (>= 2.2.2, < 4.0)
      regexp_parser (>= 1.8, < 3.0)
      rexml
      rubocop-ast (>= 1.16.0, < 2.0)
      ruby-progressbar (~> 1.7)
      unicode-display_width (>= 1.4.0, < 3.0)
    rubocop-ast (1.16.0)
      parser (>= 3.1.1.0)
    ruby-progressbar (1.11.0)
    ruby2_keywords (0.0.5)
    sinatra (2.2.0)
      mustermann (~> 1.0)
      rack (~> 2.2)
      rack-protection (= 2.2.0)
      tilt (~> 2.0)
    tilt (2.0.10)
    unicode-display_width (2.1.0)

PLATFORMS
  ruby

DEPENDENCIES
  bootsnap
  bundler (~> 2.0)
  minitest (~> 5.11)
  preval!
  rake (~> 13.0)
  rubocop (~> 1.0)
  sinatra

BUNDLED WITH
   2.2.3
